GEM
  remote: https://rubygems.org/
  specs:
    addressable (2.3.7)
    akami (1.2.2)
      gyoku (>= 0.4.0)
      nokogiri
    amq-protocol (1.9.2)
    berkshelf (3.0.0)
      addressable (~> 2.3.4)
      berkshelf-api-client (~> 1.2)
      buff-config (~> 0.2)
      buff-extensions (~> 0.4)
      buff-shell_out (~> 0.1)
      celluloid (~> 0.16.0.pre)
      celluloid-io (~> 0.16.0.pre)
      faraday (~> 0.9.0)
      minitar (~> 0.5.4)
      octokit (~> 2.6)
      retryable (~> 1.3.3)
      ridley (~> 3.0)
      solve (~> 1.1)
      thor (~> 0.18)
    berkshelf-api-client (1.2.1)
      faraday (~> 0.9.0)
    buff-config (0.4.0)
      buff-extensions (~> 0.3)
      varia_model (~> 0.1)
    buff-extensions (0.5.0)
    buff-ignore (1.1.1)
    buff-ruby_engine (0.1.0)
    buff-shell_out (0.2.0)
      buff-ruby_engine (~> 0.1.0)
    builder (3.2.2)
    bunny (1.7.0)
      amq-protocol (>= 1.9.2)
    celluloid (0.16.0)
      timers (~> 4.0.0)
    celluloid-io (0.16.2)
      celluloid (>= 0.16.0)
      nio4r (>= 1.1.0)
    chef (0.8.10)
      bunny (>= 0.6.0)
      erubis
      extlib
      json
      mixlib-authentication (>= 1.1.0)
      mixlib-cli (>= 1.1.0)
      mixlib-config (>= 1.1.0)
      mixlib-log (>= 1.1.0)
      moneta
      ohai (>= 0.5.0)
    chef-provisioning (0.18)
      cheffish (~> 0.8)
      inifile (~> 2.0)
      net-scp (~> 1.0)
      net-ssh (~> 2.0)
      net-ssh-gateway (~> 1.2.0)
      winrm (~> 1.2.0)
    chef-provisioning-vagrant (0.8.1)
      chef
      chef-provisioning (~> 0.15)
    chef-zero (0.9.11)
      hashie (>= 2.0.4)
      mixlib-log (>= 1.3.0)
      solve (>= 0.4.3)
      thin
    cheffish (0.9.2)
      chef-zero
    daemons (1.1.9)
    dep-selector-libgecode (1.0.0)
    dep_selector (1.0.3)
      dep-selector-libgecode (~> 1.0)
      ffi (~> 1.9)
    erubis (2.7.0)
    eventmachine (1.0.7)
    extlib (0.9.16)
    faraday (0.9.1)
      multipart-post (>= 1.2, < 3)
    ffi (1.9.6)
    ffi-yajl (1.4.0)
      ffi (~> 1.5)
      libyajl2 (~> 1.2)
    gssapi (1.0.3)
      ffi (>= 1.0.1)
    gyoku (1.2.2)
      builder (>= 2.1.2)
    hashie (3.4.0)
    hitimes (1.2.2)
    httpclient (2.6.0.1)
    httpi (0.9.7)
      rack
    inifile (2.0.2)
    ipaddress (0.8.0)
    json (1.8.2)
    knife-zero (1.1.5)
      chef
    libyajl2 (1.2.0)
    little-plugger (1.1.3)
    logging (1.8.2)
      little-plugger (>= 1.1.3)
      multi_json (>= 1.8.4)
    mime-types (2.4.3)
    mini_portile (0.6.2)
    minitar (0.5.4)
    mixlib-authentication (1.3.0)
      mixlib-log
    mixlib-cli (1.5.0)
    mixlib-config (2.1.0)
    mixlib-log (1.6.0)
    mixlib-shellout (2.0.1)
    moneta (0.8.0)
    multi_json (1.10.1)
    multipart-post (2.0.0)
    net-dhcp (1.3.2)
    net-http-persistent (2.9.4)
    net-scp (1.2.1)
      net-ssh (>= 2.6.5)
    net-ssh (2.9.2)
    net-ssh-gateway (1.2.0)
      net-ssh (>= 2.6.5)
    nio4r (1.1.0)
    nokogiri (1.6.6.2)
      mini_portile (~> 0.6.0)
    nori (1.1.5)
    octokit (2.7.2)
      sawyer (~> 0.5.2)
    ohai (8.1.1)
      ffi (~> 1.9)
      ffi-yajl (~> 1.1)
      ipaddress
      mime-types (~> 2.0)
      mixlib-cli
      mixlib-config (~> 2.0)
      mixlib-log
      mixlib-shellout (~> 2.0)
      net-dhcp
      rake (~> 10.1)
      systemu (~> 2.6.4)
      wmi-lite (~> 1.0)
    rack (1.6.0)
    rake (10.4.2)
    retryable (1.3.6)
    ridley (3.1.0)
      addressable
      buff-config (~> 0.2)
      buff-extensions (~> 0.3)
      buff-ignore (~> 1.1)
      buff-shell_out (~> 0.1)
      celluloid (~> 0.16.0.pre)
      celluloid-io (~> 0.16.0.pre)
      erubis
      faraday (~> 0.9.0)
      hashie (>= 2.0.2)
      json (>= 1.7.7)
      mixlib-authentication (>= 1.3.0)
      net-http-persistent (>= 2.8)
      retryable
      semverse (~> 1.1)
      varia_model (~> 0.3)
    rubyntlm (0.1.1)
    savon (0.9.5)
      akami (~> 1.0)
      builder (>= 2.1.2)
      gyoku (>= 0.4.0)
      httpi (~> 0.9)
      nokogiri (>= 1.4.0)
      nori (~> 1.0)
      wasabi (~> 1.0)
    sawyer (0.5.5)
      addressable (~> 2.3.5)
      faraday (~> 0.8, < 0.10)
    semverse (1.2.1)
    solve (1.2.1)
      dep_selector (~> 1.0)
      semverse (~> 1.1)
    systemu (2.6.4)
    thin (1.6.3)
      daemons (~> 1.0, >= 1.0.9)
      eventmachine (~> 1.0)
      rack (~> 1.0)
    thor (0.19.1)
    timers (4.0.1)
      hitimes
    uuidtools (2.1.5)
    varia_model (0.3.2)
      buff-extensions (~> 0.2)
      hashie (>= 2.0.2)
    wasabi (1.0.0)
      nokogiri (>= 1.4.0)
    winrm (1.2.0)
      gssapi (~> 1.0.0)
      httpclient (~> 2.2, >= 2.2.0.2)
      logging (~> 1.6, >= 1.6.1)
      nokogiri (~> 1.5)
      rubyntlm (~> 0.1.1)
      savon (= 0.9.5)
      uuidtools (~> 2.1.2)
    wmi-lite (1.0.0)

PLATFORMS
  ruby

DEPENDENCIES
  berkshelf (= 3.0.0)
  chef
  chef-provisioning
  chef-provisioning-vagrant
  dep-selector-libgecode (= 1.0.0)
  knife-zero
